GEM
  remote: https://rubygems.org/
  specs:
    addressable (2.5.0)
      public_suffix (~> 2.0, >= 2.0.2)
    codecov (0.1.10)
      json
      simplecov
      url
    colorize (0.8.1)
    crack (0.4.3)
      safe_yaml (~> 1.0.0)
    docile (1.3.1)
    hashdiff (0.3.2)
    json (2.1.0)
    minitest (5.9.1)
    public_suffix (2.0.5)
    safe_yaml (1.0.4)
    simplecov (0.16.1)
      docile (~> 1.1)
      json (>= 1.8, < 3)
      simplecov-html (~> 0.10.0)
    simplecov-html (0.10.2)
    url (0.3.2)
    webmock (2.3.2)
      addressable (>= 2.3.6)
      crack (>= 0.3.2)
      hashdiff

PLATFORMS
  ruby

DEPENDENCIES
  codecov
  colorize (~> 0.8)
  minitest (~> 5.9)
  webmock (~> 2.3)

BUNDLED WITH
   1.16.3
